GIT
  remote: git://github.com/mdellanoce/gittycat.git
  revision: 6631025a99083539f3f848da618ed30326e7389a
  specs:
    gittycat (0.0.1)
      httparty (~> 0.8.1)

GEM
  remote: http://rubygems.org/
  specs:
    httparty (0.8.1)
      multi_json
      multi_xml
    multi_json (1.0.3)
    multi_xml (0.4.1)
    rack (1.3.5)
    rack-protection (1.1.4)
      rack
    sinatra (1.3.1)
      rack (~> 1.3, >= 1.3.4)
      rack-protection (~> 1.1, >= 1.1.2)
      tilt (~> 1.3, >= 1.3.3)
    tilt (1.3.3)

PLATFORMS
  ruby

DEPENDENCIES
  gittycat!
  sinatra (~> 1.3)
